PATH
  remote: .
  specs:
    fluent-plugin-azuremonitormetrics (0.0.4)
      azure_mgmt_monitor (~> 0.11.0)
      fluentd (>= 0.10.30)

GEM
  remote: https://rubygems.org/
  specs:
    azure_mgmt_monitor (0.11.0)
      ms_rest_azure (~> 0.8.0)
    concurrent-ruby (1.0.5)
    cool.io (1.5.3)
    dig_rb (1.0.1)
    domain_name (0.5.20170404)
      unf (>= 0.0.5, < 1.0.0)
    faraday (0.14.0)
      multipart-post (>= 1.2, < 3)
    faraday-cookie_jar (0.0.6)
      faraday (>= 0.7.4)
      http-cookie (~> 1.0.0)
    fluentd (1.1.0)
      cool.io (>= 1.4.5, < 2.0.0)
      dig_rb (~> 1.0.0)
      http_parser.rb (>= 0.5.1, < 0.7.0)
      msgpack (>= 0.7.0, < 2.0.0)
      serverengine (>= 2.0.4, < 3.0.0)
      sigdump (~> 0.2.2)
      strptime (>= 0.2.2, < 1.0.0)
      tzinfo (~> 1.0)
      tzinfo-data (~> 1.0)
      yajl-ruby (~> 1.0)
    http-cookie (1.0.3)
      domain_name (~> 0.5)
    http_parser.rb (0.6.0)
    ms_rest (0.7.2)
      concurrent-ruby (~> 1.0)
      faraday (~> 0.9)
      timeliness (~> 0.3)
    ms_rest_azure (0.8.2)
      concurrent-ruby (~> 1.0)
      faraday (~> 0.9)
      faraday-cookie_jar (~> 0.0.6)
      ms_rest (~> 0.7.0)
    msgpack (1.2.2)
    multipart-post (2.0.0)
    power_assert (1.1.0)
    rake (12.0.0)
    serverengine (2.0.6)
      sigdump (~> 0.2.2)
    sigdump (0.2.4)
    strptime (0.2.3)
    test-unit (3.2.5)
      power_assert
    thread_safe (0.3.6)
    timeliness (0.3.8)
    tzinfo (1.2.5)
      thread_safe (~> 0.1)
    tzinfo-data (1.2018.3)
      tzinfo (>= 1.0.0)
    unf (0.1.4)
      unf_ext
    unf_ext (0.0.7.5)
    yajl-ruby (1.3.1)

PLATFORMS
  ruby

DEPENDENCIES
  fluent-plugin-azuremonitormetrics!
  rake (>= 0.9.2)
  test-unit (>= 3.1.0)

BUNDLED WITH
   1.15.4
